GEM
  remote: https://rubygems.org/
  specs:
    bump (0.9.0)
    rack (2.2.3)
    rake (13.0.1)

PLATFORMS
  ruby

DEPENDENCIES
  bump
  rack
  rake

RUBY VERSION
   ruby 2.6.5p114

BUNDLED WITH
   2.1.4
